PATH
  remote: .
  specs:
    capistrano3-autoscaling-deploy (1.3)
      aws-sdk (~> 2)
      capistrano (~> 3)
      capistrano-bundler (~> 1.2.0)

GEM
  remote: http://rubygems.org/
  specs:
    airbrussh (1.4.0)
      sshkit (>= 1.6.1, != 1.7.0)
    aws-eventstream (1.1.0)
    aws-sdk (2.11.608)
      aws-sdk-resources (= 2.11.608)
    aws-sdk-core (2.11.608)
      aws-sigv4 (~> 1.0)
      jmespath (~> 1.0)
    aws-sdk-resources (2.11.608)
      aws-sdk-core (= 2.11.608)
    aws-sigv4 (1.2.2)
      aws-eventstream (~> 1, >= 1.0.2)
    capistrano (3.14.1)
      airbrussh (>= 1.0.0)
      i18n
      rake (>= 10.0.0)
      sshkit (>= 1.9.0)
    capistrano-bundler (1.2.0)
      capistrano (~> 3.1)
      sshkit (~> 1.2)
    concurrent-ruby (1.1.7)
    i18n (1.8.5)
      concurrent-ruby (~> 1.0)
    jmespath (1.4.0)
    net-scp (3.0.0)
      net-ssh (>= 2.6.5, < 7.0.0)
    net-ssh (6.1.0)
    rake (13.0.1)
    sshkit (1.21.0)
      net-scp (>= 1.1.2)
      net-ssh (>= 2.8.0)

PLATFORMS
  ruby

DEPENDENCIES
  bundler (~> 1.5)
  capistrano3-autoscaling-deploy!
  rake

BUNDLED WITH
   1.12.5
